PATH
  remote: .
  specs:
    slanger (0.3.7)
      activesupport (~> 3.1)
      em-hiredis (~> 0.1.0)
      em-http-request (~> 0.3.0)
      em-websocket (~> 0.3.5)
      eventmachine (~> 0.12.10)
      glamazon (~> 0.3.1)
      rack (~> 1.4.5)
      rack-fiber_pool (~> 0.9.2)
      signature (~> 0.1.6)
      sinatra (>= 1.2.6)
      thin (~> 1.2.11)

GEM
  remote: http://rubygems.org/
  specs:
    activesupport (3.2.12)
      i18n (~> 0.6)
      multi_json (~> 1.0)
    addressable (2.3.2)
    crack (0.3.2)
    daemons (1.1.9)
    diff-lcs (1.1.3)
    em-hiredis (0.1.1)
      hiredis (~> 0.4.0)
    em-http-request (0.3.0)
      addressable (>= 2.0.0)
      escape_utils
      eventmachine (>= 0.12.9)
    em-websocket (0.3.8)
      addressable (>= 2.1.1)
      eventmachine (>= 0.12.9)
    escape_utils (0.3.2)
    eventmachine (0.12.10)
    glamazon (0.3.1)
      activesupport (>= 3.1.0)
      i18n (~> 0.6.0)
      yajl-ruby (>= 0.7.7)
    haml (3.1.8)
    hiredis (0.4.5)
    i18n (0.6.4)
    metaclass (0.0.1)
    mocha (0.13.2)
      metaclass (~> 0.0.1)
    multi_json (1.6.0)
    pusher (0.11.3)
      multi_json (~> 1.0)
      signature (~> 0.1.6)
    rack (1.4.5)
    rack-fiber_pool (0.9.3)
    rack-protection (1.5.0)
      rack
    rake (10.0.3)
    rspec (2.12.0)
      rspec-core (~> 2.12.0)
      rspec-expectations (~> 2.12.0)
      rspec-mocks (~> 2.12.0)
    rspec-core (2.12.2)
    rspec-expectations (2.12.1)
      diff-lcs (~> 1.1.3)
    rspec-mocks (2.12.2)
    signature (0.1.6)
    sinatra (1.3.4)
      rack (~> 1.4)
      rack-protection (~> 1.3)
      tilt (~> 1.3, >= 1.3.3)
    thin (1.2.11)
      daemons (>= 1.0.9)
      eventmachine (>= 0.12.6)
      rack (>= 1.0.0)
    tilt (1.3.6)
    timecop (0.3.5)
    webmock (1.8.11)
      addressable (>= 2.2.7)
      crack (>= 0.1.7)
    yajl-ruby (1.1.0)

PLATFORMS
  java
  ruby

DEPENDENCIES
  haml (~> 3.1.2)
  mocha (~> 0.13.2)
  pusher (~> 0.11.3)
  rake
  rspec (~> 2.12.0)
  slanger!
  timecop (~> 0.3.5)
  webmock (~> 1.8.7)
